GIT
  remote: git@github.com:brauliobo/telegram-bot-ruby.git
  revision: abd0c60322d4b5d4a5811cd58a7df022db864ef8
  specs:
    telegram-bot-ruby (2.0.0)
      dry-struct (~> 1.6)
      faraday (~> 2.0)
      faraday-multipart (~> 1.0)
      zeitwerk (~> 2.6)

GIT
  remote: https://github.com/brauliobo/tdlib-ruby.git
  revision: bdb51809b7be8693d826526ca593d2627186c0f3
  specs:
    tdlib-ruby (3.0.4)
      concurrent-ruby (~> 1.1)
      dry-configurable
      ffi (~> 1.15.0)
      tdlib-schema

GIT
  remote: https://github.com/brauliobo/tdlib-schema.git
  revision: 1f98a3437de79d97d684abec6437f38e842aa92b
  specs:
    tdlib-schema (1.7.0.4)
      dry-struct (~> 1.0)
      dry-types (~> 1.0)

GEM
  remote: https://rubygems.org/
  specs:
    activesupport (8.0.1)
      base64
      benchmark (>= 0.3)
      bigdecimal
      concurrent-ruby (~> 1.0, >= 1.3.1)
      connection_pool (>= 2.2.5)
      drb
      i18n (>= 1.6, < 2)
      logger (>= 1.4.2)
      minitest (>= 5.1)
      securerandom (>= 0.3)
      tzinfo (~> 2.0, >= 2.0.5)
      uri (>= 0.13.1)
    addressable (2.8.7)
      public_suffix (>= 2.0.2, < 7.0)
    base64 (0.2.0)
    benchmark (0.4.0)
    bigdecimal (3.1.9)
    chronic (0.10.2)
    chronic_duration (0.10.6)
      numerizer (~> 0.1.1)
    coderay (1.1.3)
    concurrent-ruby (1.3.4)
    connection_pool (2.4.1)
    csv (3.3.0)
    domain_name (0.6.20240107)
    dotenv (3.1.4)
    drb (2.2.1)
    dry-configurable (1.2.0)
      dry-core (~> 1.0, < 2)
      zeitwerk (~> 2.6)
    dry-core (1.0.1)
      concurrent-ruby (~> 1.0)
      zeitwerk (~> 2.6)
    dry-inflector (1.1.0)
    dry-logic (1.5.0)
      concurrent-ruby (~> 1.0)
      dry-core (~> 1.0, < 2)
      zeitwerk (~> 2.6)
    dry-struct (1.6.0)
      dry-core (~> 1.0, < 2)
      dry-types (>= 1.7, < 2)
      ice_nine (~> 0.11)
      zeitwerk (~> 2.6)
    dry-types (1.7.2)
      bigdecimal (~> 3.0)
      concurrent-ruby (~> 1.0)
      dry-core (~> 1.0)
      dry-inflector (~> 1.0)
      dry-logic (~> 1.4)
      zeitwerk (~> 2.6)
    faraday (2.12.0)
      faraday-net_http (>= 2.0, < 3.4)
      json
      logger
    faraday-multipart (1.0.4)
      multipart-post (~> 2)
    faraday-net_http (3.3.0)
      net-http
    ffi (1.15.5)
    hashie (5.0.0)
    http-cookie (1.0.7)
      domain_name (~> 0.5)
    i18n (1.14.6)
      concurrent-ruby (~> 1.0)
    ice_nine (0.11.2)
    iso-639 (0.3.8)
      csv
    json (2.7.2)
    logger (1.6.4)
    mechanize (2.12.2)
      addressable (~> 2.8)
      base64
      domain_name (~> 0.5, >= 0.5.20190701)
      http-cookie (~> 1.0, >= 1.0.3)
      mime-types (~> 3.3)
      net-http-digest_auth (~> 1.4, >= 1.4.1)
      net-http-persistent (>= 2.5.2, < 5.0.dev)
      nkf
      nokogiri (~> 1.11, >= 1.11.2)
      rubyntlm (~> 0.6, >= 0.6.3)
      webrick (~> 1.7)
      webrobots (~> 0.1.2)
    method_source (1.1.0)
    mime-types (3.6.0)
      logger
      mime-types-data (~> 3.2015)
    mime-types-data (3.2024.1001)
    minitest (5.25.4)
    multipart-post (2.4.1)
    net-http (0.4.1)
      uri
    net-http-digest_auth (1.4.1)
    net-http-persistent (4.0.4)
      connection_pool (~> 2.2)
    nio4r (2.7.3)
    nkf (0.2.0)
    nokogiri (1.18.3-x86_64-linux-gnu)
      racc (~> 1.4)
    numerizer (0.1.1)
    pry (0.14.2)
      coderay (~> 1.1)
      method_source (~> 1.0)
    public_suffix (6.0.1)
    puma (6.4.3)
      nio4r (~> 2.0)
    racc (1.8.1)
    rack (3.1.12)
    roda (3.85.0)
      rack
    rubyntlm (0.6.5)
      base64
    securerandom (0.4.1)
    srt (0.1.5)
    tzinfo (2.0.6)
      concurrent-ruby (~> 1.0)
    uri (0.13.2)
    webrick (1.8.2)
    webrobots (0.1.2)
    zeitwerk (2.7.0)

PLATFORMS
  x86_64-linux

DEPENDENCIES
  activesupport
  addressable
  chronic
  chronic_duration
  dotenv
  drb
  hashie
  iso-639
  mechanize
  pry
  puma
  rack
  roda
  srt
  tdlib-ruby!
  tdlib-schema!
  telegram-bot-ruby!

RUBY VERSION
   ruby 3.3.6p108

BUNDLED WITH
   2.5.6
